GEM
  remote: https://rubygems.org/
  specs:
    rack (1.6.4)
    rack-etag (3.0.0)

PLATFORMS
  ruby

DEPENDENCIES
  rack
  rack-etag
